PATH
  remote: .
  specs:
    icu_name (1.0.1)
      activesupport (>= 3.0.6)
      i18n (>= 0.5.0)

GEM
  remote: http://rubygems.org/
  specs:
    ZenTest (4.4.2)
    activesupport (3.0.6)
    autotest-fsevent (0.2.5)
      sys-uname
    autotest-growl (0.2.9)
    diff-lcs (1.1.2)
    i18n (0.5.0)
    rspec (2.5.0)
      rspec-core (~> 2.5.0)
      rspec-expectations (~> 2.5.0)
      rspec-mocks (~> 2.5.0)
    rspec-core (2.5.1)
    rspec-expectations (2.5.0)
      diff-lcs (~> 1.1.2)
    rspec-mocks (2.5.0)
    sys-uname (0.8.5)

PLATFORMS
  ruby

DEPENDENCIES
  ZenTest (~> 4.4.2)
  activesupport (>= 3.0.6)
  autotest-fsevent (~> 0.2.4)
  autotest-growl (~> 0.2.9)
  bundler (>= 1.0.7)
  i18n (>= 0.5.0)
  icu_name!
  rspec (~> 2.5)
