PATH
  remote: .
  specs:
    icu_name (0.1.0)
      activesupport (>= 3.0.3)
      i18n (>= 0.5.0)

GEM
  remote: http://rubygems.org/
  specs:
    activesupport (3.0.3)
    diff-lcs (1.1.2)
    i18n (0.5.0)
    rspec (2.3.0)
      rspec-core (~> 2.3.0)
      rspec-expectations (~> 2.3.0)
      rspec-mocks (~> 2.3.0)
    rspec-core (2.3.1)
    rspec-expectations (2.3.0)
      diff-lcs (~> 1.1.2)
    rspec-mocks (2.3.0)

PLATFORMS
  ruby

DEPENDENCIES
  activesupport (>= 3.0.3)
  bundler (>= 1.0.7)
  i18n (>= 0.5.0)
  icu_name!
  rspec
