PATH
  remote: .
  specs:
    icu_name (1.0.7)
      activesupport
      i18n (>= 0.5.0)

GEM
  remote: http://rubygems.org/
  specs:
    activesupport (3.1.1)
      multi_json (~> 1.0)
    diff-lcs (1.1.3)
    growl (1.0.3)
    guard (0.8.8)
      thor (~> 0.14.6)
    guard-rspec (0.5.1)
      guard (>= 0.8.4)
    i18n (0.6.0)
    json (1.6.1)
    multi_json (1.0.3)
    rake (0.9.2.2)
    rb-fsevent (0.4.3.1)
    rdoc (3.11)
      json (~> 1.4)
    rspec (2.7.0)
      rspec-core (~> 2.7.0)
      rspec-expectations (~> 2.7.0)
      rspec-mocks (~> 2.7.0)
    rspec-core (2.7.1)
    rspec-expectations (2.7.0)
      diff-lcs (~> 1.1.2)
    rspec-mocks (2.7.0)
    thor (0.14.6)

PLATFORMS
  ruby

DEPENDENCIES
  bundler
  growl
  guard-rspec
  icu_name!
  rake
  rb-fsevent
  rdoc
  rspec
