PATH
  remote: .
  specs:
    icu_name (1.0.4)
      activesupport (>= 3.0.6)
      i18n (>= 0.5.0)

GEM
  remote: http://rubygems.org/
  specs:
    activesupport (3.0.9)
    diff-lcs (1.1.2)
    growl (1.0.3)
    guard (0.4.2)
      thor (~> 0.14.6)
    guard-rspec (0.4.0)
      guard (>= 0.4.0)
    i18n (0.6.0)
    rake (0.9.2)
    rb-fsevent (0.4.0)
    rdoc (3.7)
    rspec (2.6.0)
      rspec-core (~> 2.6.0)
      rspec-expectations (~> 2.6.0)
      rspec-mocks (~> 2.6.0)
    rspec-core (2.6.4)
    rspec-expectations (2.6.0)
      diff-lcs (~> 1.1.2)
    rspec-mocks (2.6.0)
    thor (0.14.6)

PLATFORMS
  ruby

DEPENDENCIES
  bundler
  growl
  guard-rspec
  icu_name!
  rake
  rb-fsevent
  rdoc
  rspec
