PATH
  remote: .
  specs:
    icu_name (1.0.6)
      activesupport (~> 3.0.10)
      i18n (>= 0.5.0)

GEM
  remote: http://rubygems.org/
  specs:
    activesupport (3.0.10)
    diff-lcs (1.1.3)
    growl (1.0.3)
    guard (0.8.3)
      thor (~> 0.14.6)
    guard-rspec (0.4.5)
      guard (>= 0.4.0)
    i18n (0.6.0)
    rake (0.9.2)
    rb-fsevent (0.4.3.1)
    rdoc (3.9.4)
    rspec (2.6.0)
      rspec-core (~> 2.6.0)
      rspec-expectations (~> 2.6.0)
      rspec-mocks (~> 2.6.0)
    rspec-core (2.6.4)
    rspec-expectations (2.6.0)
      diff-lcs (~> 1.1.2)
    rspec-mocks (2.6.0)
    thor (0.14.6)

PLATFORMS
  ruby

DEPENDENCIES
  bundler
  growl
  guard-rspec
  icu_name!
  rake
  rb-fsevent
  rdoc
  rspec
